PATH
  remote: .
  specs:
    s3-publisher (0.4.3)
      aws_credentials
      right_aws (>= 3.0.0)

GEM
  remote: https://rubygems.org/
  specs:
    aws_credentials (0.7.0)
    right_aws (3.1.0)
      right_http_connection (>= 1.2.5)
    right_http_connection (1.4.0)
    thoughtbot-shoulda (2.11.1)

PLATFORMS
  ruby

DEPENDENCIES
  s3-publisher!
  thoughtbot-shoulda
