PATH
  remote: .
  specs:
    s3-publisher (2.0.0)
      aws-sdk (>= 2.0)
      mime-types

GEM
  remote: https://rubygems.org/
  specs:
    aws-sdk (2.2.29)
      aws-sdk-resources (= 2.2.29)
    aws-sdk-core (2.2.29)
      jmespath (~> 1.0)
    aws-sdk-resources (2.2.29)
      aws-sdk-core (= 2.2.29)
    diff-lcs (1.2.5)
    jmespath (1.1.3)
    metaclass (0.0.4)
    mime-types (3.0)
      mime-types-data (~> 3.2015)
    mime-types-data (3.2016.0221)
    mocha (1.1.0)
      metaclass (~> 0.0.1)
    rspec (3.4.0)
      rspec-core (~> 3.4.0)
      rspec-expectations (~> 3.4.0)
      rspec-mocks (~> 3.4.0)
    rspec-core (3.4.4)
      rspec-support (~> 3.4.0)
    rspec-expectations (3.4.0)
      diff-lcs (>= 1.2.0, < 2.0)
      rspec-support (~> 3.4.0)
    rspec-mocks (3.4.1)
      diff-lcs (>= 1.2.0, < 2.0)
      rspec-support (~> 3.4.0)
    rspec-support (3.4.1)

PLATFORMS
  ruby

DEPENDENCIES
  mocha (>= 1.1.0)
  rspec
  s3-publisher!

BUNDLED WITH
   1.11.2
